GIT
  remote: https://github.com/bendiken/rdf.git
  revision: 010ece7adfdfb87e55bd350f22ab33bce805ce51
  branch: 0.4.x
  specs:
    rdf (0.4.0)
      addressable (>= 2.2)

GIT
  remote: https://github.com/gkellogg/dydra.git
  revision: 3dd6d698ea6fc0bcccc1676cd5fb8942e8453198
  branch: 0.4.x
  specs:
    dydra (0.0.6)
      rdf (>= 0.3.0)
      rest-client (>= 1.6.1)
      sparql-client (>= 0.0.9)

GIT
  remote: https://github.com/gkellogg/sparql-client.git
  revision: 689356a3f66683100f2203c5bc2236f04554ff00
  branch: 0.4.x
  specs:
    sparql-client (0.0.10)
      json_pure (>= 1.4.2)
      net-http-persistent (~> 1.4.1)
      rdf (>= 0.3.4)

GEM
  remote: http://rubygems.org/
  specs:
    addressable (2.2.4)
    diff-lcs (1.1.2)
    erubis (2.7.0)
    json_pure (1.5.1)
    macaddr (1.0.0)
    mime-types (1.16)
    net-http-persistent (1.4.1)
    nokogiri (1.4.4)
    promise (0.3.0)
    proxies (0.2.1)
    rdf-isomorphic (0.3.4)
      rdf (>= 0.2.3)
    rdf-json (0.1.0)
      json_pure (>= 1.2.3)
      rdf (>= 0.1.0)
    rdf-n3 (0.3.1.3)
      rdf (>= 0.3.1)
    rdf-raptor (0.3.0)
      rdf (>= 0.1.9)
    rdf-rdfxml (0.3.2.1)
      nokogiri (>= 1.4.4)
      rdf (>= 0.3.1)
    rest-client (1.6.1)
      mime-types (>= 1.16)
    rspec (2.5.0)
      rspec-core (~> 2.5.0)
      rspec-expectations (~> 2.5.0)
      rspec-mocks (~> 2.5.0)
    rspec-core (2.5.1)
    rspec-expectations (2.5.0)
      diff-lcs (~> 1.1.2)
    rspec-mocks (2.5.0)
    s3 (0.3.8)
      proxies (~> 0.2.0)
    spira (0.0.12)
      promise (>= 0.3.0)
      rdf (>= 0.2.3)
      rdf-isomorphic (>= 0.3.0)
    syntax (1.0.0)
    uuid (2.3.1)
      macaddr (~> 1.0)

PLATFORMS
  ruby

DEPENDENCIES
  addressable (= 2.2.4)
  dydra!
  erubis
  rdf!
  rdf-isomorphic
  rdf-json
  rdf-n3 (>= 0.3.1)
  rdf-raptor
  rdf-rdfxml (>= 0.3.1)
  rspec
  s3
  sparql-client!
  spira (>= 0.0.12)
  syntax
  uuid
